GEM
  remote: https://rubygems.org/
  specs:
    gosu (0.7.50)
    mini_portile (0.5.3)
    nokogiri (1.6.1)
      mini_portile (~> 0.5.0)

PLATFORMS
  ruby

DEPENDENCIES
  gosu
  nokogiri
